GEM
  specs:

PLATFORMS
  ruby

DEPENDENCIES

BUNDLED WITH
   1.12.5
